GEM
  remote: http://rubygems.org/
  specs:
    kgio (2.3.3)
    rack (1.2.2)
    sinatra (1.2.3)
      rack (~> 1.1)
      tilt (>= 1.2.2, < 2.0)
    tilt (1.2.2)
    unicorn (3.6.0)
      kgio (~> 2.3)
      rack

PLATFORMS
  ruby

DEPENDENCIES
  sinatra
  unicorn
